PATH
  remote: .
  specs:
    aws4 (0.0.3)

GEM
  remote: https://rubygems.org/
  specs:
    rake (10.0.4)

PLATFORMS
  ruby

DEPENDENCIES
  aws4!
  rake
